GIT
  remote: https://github.com/bkuhlmann/xdg
  revision: d7adcec074c0afda8b93938c09e19ac8f7ccdd0e
  ref: d7adcec074c0afda8b93938c09e19ac8f7ccdd0e
  specs:
    xdg (3.0.2)

GEM
  remote: https://rubygems.org/
  specs:
    commander-openflighthpc (1.1.2)
      highline (~> 1.7.2)
      paint (~> 2.1.0)
    highline (1.7.10)
    kramdown (2.4.0)
      rexml
    kramdown-parser-gfm (1.1.0)
      kramdown (~> 2.0)
    paint (2.1.1)
    pastel (0.8.0)
      tty-color (~> 0.5)
    rexml (3.2.5)
    rouge (3.30.0)
    strings (0.2.1)
      strings-ansi (~> 0.2)
      unicode-display_width (>= 1.5, < 3.0)
      unicode_utils (~> 1.4)
    strings-ansi (0.2.0)
    tty-color (0.6.0)
    tty-config (0.5.1)
    tty-cursor (0.7.1)
    tty-markdown (0.7.0)
      kramdown (>= 1.16.2, < 3.0)
      pastel (~> 0.8)
      rouge (~> 3.14)
      strings (~> 0.2.0)
      tty-color (~> 0.5)
      tty-screen (~> 0.8)
    tty-pager (0.14.0)
      strings (~> 0.2.0)
      tty-screen (~> 0.8)
    tty-prompt (0.23.1)
      pastel (~> 0.8)
      tty-reader (~> 0.8)
    tty-reader (0.9.0)
      tty-cursor (~> 0.7)
      tty-screen (~> 0.8)
      wisper (~> 2.0)
    tty-screen (0.8.1)
    tty-table (0.12.0)
      pastel (~> 0.8)
      strings (~> 0.2.0)
      tty-screen (~> 0.8)
    unicode-display_width (2.1.0)
    unicode_utils (1.4.0)
    whirly (0.3.0)
      unicode-display_width (>= 1.1)
    wisper (2.0.1)
    word_wrap (1.0.0)

PLATFORMS
  ruby

DEPENDENCIES
  commander-openflighthpc (~> 1.1.0)
  kramdown
  kramdown-parser-gfm
  tty-config
  tty-markdown
  tty-pager
  tty-prompt
  tty-table
  whirly
  word_wrap
  xdg!

BUNDLED WITH
   2.1.4
